GIT
  remote: git://github.com/algorithmica/madmass.git
  revision: 6e43a014f15f04bc5dd1162f42223dfb9600aa49
  specs:
    madmass (0.1.6)
      bundler
      rails
      rcov (~> 0.9.11)
      shoulda
      torquebox (= 2.0.3)
      torquebox-rake-support (= 2.0.3)

GEM
  remote: http://rubygems.torquebox.org/
  remote: https://rubygems.org/
  remote: http://gems.github.com/
  specs:
    ZenTest (4.8.1)
    actionmailer (3.2.6)
      actionpack (= 3.2.6)
      mail (~> 2.4.4)
    actionpack (3.2.6)
      activemodel (= 3.2.6)
      activesupport (= 3.2.6)
      builder (~> 3.0.0)
      erubis (~> 2.7.0)
      journey (~> 1.0.1)
      rack (~> 1.4.0)
      rack-cache (~> 1.2)
      rack-test (~> 0.6.1)
      sprockets (~> 2.1.3)
    activemodel (3.2.6)
      activesupport (= 3.2.6)
      builder (~> 3.0.0)
    activerecord (3.2.6)
      activemodel (= 3.2.6)
      activesupport (= 3.2.6)
      arel (~> 3.0.2)
      tzinfo (~> 0.3.29)
    activerecord-jdbc-adapter (1.2.2)
    activerecord-jdbcsqlite3-adapter (1.2.2)
      activerecord-jdbc-adapter (~> 1.2.2)
      jdbc-sqlite3 (~> 3.7.2)
    activeresource (3.2.6)
      activemodel (= 3.2.6)
      activesupport (= 3.2.6)
    activesupport (3.2.6)
      i18n (~> 0.6)
      multi_json (~> 1.0)
    addressable (2.3.1)
    alter-ego (1.0.1)
      fail-fast (~> 1.1.0)
      hookr (~> 1.0.0)
    arel (3.0.2)
    aws-ses (0.4.4)
      builder
      mail (> 2.2.5)
      mime-types
      xml-simple
    backgroundrb-rails3 (1.1.6)
      chronic (>= 0.2.3)
      packet (>= 0.1.15)
      rails (>= 3.0.0)
    bcrypt-ruby (3.0.1-java)
    blankslate (2.1.2.4)
    bouncy-castle-java (1.5.0146.1)
    builder (3.0.0)
    capybara (1.1.2)
      mime-types (>= 1.16)
      nokogiri (>= 1.3.3)
      rack (>= 1.0.0)
      rack-test (>= 0.5.4)
      selenium-webdriver (~> 2.0)
      xpath (~> 0.1.4)
    childprocess (0.3.4)
      ffi (~> 1.0, >= 1.0.6)
    chronic (0.6.7)
    clj (0.0.5.6)
    cocaine (0.2.1)
    coffee-rails (3.2.2)
      coffee-script (>= 2.2.0)
      railties (~> 3.2.0)
    coffee-script (2.2.0)
      coffee-script-source
      execjs
    coffee-script-source (1.3.3)
    daemons (1.1.8)
    delayed_job (2.1.4)
      activesupport (~> 3.0)
      daemons
    devise (2.1.2)
      bcrypt-ruby (~> 3.0)
      orm_adapter (~> 0.1)
      railties (~> 3.1)
      warden (~> 1.2.1)
    diff-lcs (1.1.3)
    em-http-request (0.3.0)
      addressable (>= 2.0.0)
      escape_utils
      eventmachine (>= 0.12.9)
    em-websocket (0.3.8)
      addressable (>= 2.1.1)
      eventmachine (>= 0.12.9)
    erubis (2.7.0)
    escape_utils (0.2.4)
    eventmachine (0.12.10-java)
    execjs (1.4.0)
      multi_json (~> 1.0)
    fail-fast (1.1.0)
    ffi (1.1.0-java)
    gem_plugin (0.2.3)
    hike (1.2.1)
    hookr (1.0.1)
      fail-fast (>= 1.0.0)
    i18n (0.6.0)
    jdbc-sqlite3 (3.7.2)
    journey (1.0.4)
    jquery-rails (2.0.2)
      railties (>= 3.2.0, < 5.0)
      thor (~> 0.14)
    jruby-openssl (0.7.7)
      bouncy-castle-java (>= 1.5.0146.1)
    json (1.5.0-java)
    json-jruby (1.5.0-java)
      json (= 1.5.0)
    libwebsocket (0.1.4)
      addressable
    mail (2.4.4)
      i18n (>= 0.4.0)
      mime-types (~> 1.16)
      treetop (~> 1.4.8)
    mime-types (1.19)
    mongrel (1.1.5-java)
      gem_plugin (>= 0.2.3)
    multi_json (1.3.6)
    newrelic_rpm (3.4.0.1)
    nifty-generators (0.4.6)
    nokogiri (1.5.5-java)
    orm_adapter (0.4.0)
    packet (0.1.15)
    paperclip (2.7.0)
      activerecord (>= 2.3.0)
      activesupport (>= 2.3.2)
      cocaine (>= 0.0.2)
      mime-types
    polyglot (0.3.3)
    pusher (0.9.4)
      multi_json (~> 1.0)
      signature (~> 0.1.2)
    rack (1.4.1)
    rack-cache (1.2)
      rack (>= 0.4)
    rack-ssl (1.3.2)
      rack
    rack-test (0.6.1)
      rack (>= 1.0)
    rails (3.2.6)
      actionmailer (= 3.2.6)
      actionpack (= 3.2.6)
      activerecord (= 3.2.6)
      activeresource (= 3.2.6)
      activesupport (= 3.2.6)
      bundler (~> 1.0)
      railties (= 3.2.6)
    railties (3.2.6)
      actionpack (= 3.2.6)
      activesupport (= 3.2.6)
      rack-ssl (~> 1.3.2)
      rake (>= 0.8.7)
      rdoc (~> 3.4)
      thor (>= 0.14.6, < 2.0)
    rake (0.9.2.2)
    rcov (0.9.11-java)
    rdoc (3.12)
      json (~> 1.4)
    rspec (2.11.0)
      rspec-core (~> 2.11.0)
      rspec-expectations (~> 2.11.0)
      rspec-mocks (~> 2.11.0)
    rspec-core (2.11.1)
    rspec-expectations (2.11.1)
      diff-lcs (~> 1.1.3)
    rspec-mocks (2.11.1)
    rspec-rails (2.11.0)
      actionpack (>= 3.0)
      activesupport (>= 3.0)
      railties (>= 3.0)
      rspec (~> 2.11.0)
    rubyzip (0.9.9)
    sass (3.1.20)
    sass-rails (3.2.5)
      railties (~> 3.2.0)
      sass (>= 3.1.10)
      tilt (~> 1.3)
    selenium-webdriver (2.25.0)
      childprocess (>= 0.2.5)
      libwebsocket (~> 0.1.3)
      multi_json (~> 1.0)
      rubyzip
    shoulda (3.1.1)
      shoulda-context (~> 1.0)
      shoulda-matchers (~> 1.2)
    shoulda-context (1.0.0)
    shoulda-matchers (1.2.0)
      activesupport (>= 3.0.0)
    signature (0.1.3)
    socky-client (0.4.3)
      json
    socky-client-rails (0.4.5)
      socky-client (~> 0.4.2)
    socky-server (0.4.1)
      em-http-request
      em-websocket (~> 0.3.0)
      json
    sprockets (2.1.3)
      hike (~> 1.2)
      rack (~> 1.0)
      tilt (~> 1.1, != 1.3.0)
    therubyrhino (1.73.5)
    thor (0.15.4)
    tilt (1.3.3)
    torquebox (2.0.3)
      thor (>= 0.9.0, < 1.0.0)
      torquebox-cache (= 2.0.3)
      torquebox-configure (= 2.0.3)
      torquebox-core (= 2.0.3)
      torquebox-messaging (= 2.0.3)
      torquebox-naming (= 2.0.3)
      torquebox-rake-support (= 2.0.3)
      torquebox-security (= 2.0.3)
      torquebox-stomp (= 2.0.3)
      torquebox-transactions (= 2.0.3)
      torquebox-web (= 2.0.3)
    torquebox-cache (2.0.3-java)
      torquebox-core (= 2.0.3)
      torquebox-transactions (= 2.0.3)
    torquebox-configure (2.0.3-java)
      blankslate (= 2.1.2.4)
    torquebox-core (2.0.3-java)
    torquebox-messaging (2.0.3-java)
      clj (= 0.0.5.6)
      torquebox-core (= 2.0.3)
      torquebox-transactions (= 2.0.3)
    torquebox-naming (2.0.3-java)
    torquebox-rake-support (2.0.3)
      rake (>= 0.8.7, < 1.0.0)
    torquebox-security (2.0.3-java)
      torquebox-core (= 2.0.3)
    torquebox-stomp (2.0.3)
      torquebox-core (= 2.0.3)
      torquebox-messaging (= 2.0.3)
    torquebox-transactions (2.0.3)
      torquebox-core (= 2.0.3)
    torquebox-web (2.0.3-java)
    treetop (1.4.10)
      polyglot
      polyglot (>= 0.3.1)
    tzinfo (0.3.33)
    uglifier (1.2.6)
      execjs (>= 0.3.0)
      multi_json (~> 1.3)
    warden (1.2.1)
      rack (>= 1.0)
    will_paginate (3.0.3)
    xml-simple (1.1.1)
    xpath (0.1.4)
      nokogiri (~> 1.3)

PLATFORMS
  java

DEPENDENCIES
  ZenTest
  activerecord-jdbc-adapter
  activerecord-jdbcsqlite3-adapter
  alter-ego (>= 1.0.1)
  aws-ses (~> 0.4.4)
  backgroundrb-rails3 (>= 1.1.3)
  capybara
  chronic
  coffee-rails (~> 3.2.1)
  delayed_job (= 2.1.4)
  devise
  jdbc-sqlite3
  jquery-rails
  jruby-openssl
  json
  json-jruby
  madmass!
  mongrel
  newrelic_rpm
  nifty-generators
  packet (>= 0.1.15)
  paperclip (~> 2.3)
  pusher
  rails (= 3.2.6)
  rspec-rails
  sass-rails (~> 3.2.3)
  socky-client-rails (= 0.4.5)
  socky-server (= 0.4.1)
  therubyrhino
  torquebox
  torquebox-rake-support
  uglifier (>= 1.0.3)
  will_paginate
